GEM
  remote: https://rubygems.org/
  specs:
    cpf_cnpj (0.5.0)

PLATFORMS
  x64-mingw-ucrt

DEPENDENCIES
  cpf_cnpj

BUNDLED WITH
   2.4.19
